PATH
  remote: .
  specs:
    ips_qr_code (0.1.0)
      rqrcode (~> 2.0)

GEM
  remote: https://rubygems.org/
  specs:
    chunky_png (1.4.0)
    rqrcode (2.2.0)
      chunky_png (~> 1.0)
      rqrcode_core (~> 1.0)
    rqrcode_core (1.2.0)

PLATFORMS
  arm64-darwin-23
  ruby

DEPENDENCIES
  ips_qr_code!

BUNDLED WITH
   2.6.4
